GEM
  remote: http://rubygems.org/
  specs:
    archive-tar-minitar (0.5.2)
    backports (2.6.2)
    columnize (0.3.6)
    eventmachine (0.12.10)
    json (1.7.4)
    linecache19 (0.5.12)
      ruby_core_source (>= 0.1.4)
    nokogiri (1.5.5)
    rack (1.4.1)
    rack-contrib (1.1.0)
      rack (>= 0.9.1)
    rack-protection (1.2.0)
      rack
    rack-rewrite (1.2.1)
    rack-test (0.6.1)
      rack (>= 1.0)
    ruby-debug-base19 (0.11.25)
      columnize (>= 0.3.1)
      linecache19 (>= 0.5.11)
      ruby_core_source (>= 0.1.4)
    ruby-debug19 (0.11.6)
      columnize (>= 0.3.1)
      linecache19 (>= 0.5.11)
      ruby-debug-base19 (>= 0.11.19)
    ruby_core_source (0.1.5)
      archive-tar-minitar (>= 0.5.2)
    sinatra (1.3.2)
      rack (~> 1.3, >= 1.3.6)
      rack-protection (~> 1.2)
      tilt (~> 1.3, >= 1.3.3)
    sinatra-contrib (1.3.1)
      backports (>= 2.0)
      eventmachine
      rack-protection
      rack-test
      sinatra (~> 1.3.0)
      tilt (~> 1.3)
    tilt (1.3.3)

PLATFORMS
  ruby

DEPENDENCIES
  json
  nokogiri
  rack-contrib
  rack-rewrite
  ruby-debug19
  sinatra
  sinatra-contrib
